GEM
  remote: https://rubygems.org/
  specs:
    atk (4.3.0)
      glib2 (= 4.3.0)
    cairo (1.18.4)
      native-package-installer (>= 1.0.3)
      pkg-config (>= 1.2.2)
      red-colors
    cairo-gobject (4.3.0)
      cairo (>= 1.16.2)
      glib2 (= 4.3.0)
    coderay (1.1.3)
    csv (3.3.5)
    drb (2.2.3)
    erubi (1.13.1)
    fiddle (1.1.8)
    forwardable (1.3.3)
    gdk3 (4.3.0)
      cairo-gobject (= 4.3.0)
      gdk_pixbuf2 (= 4.3.0)
      pango (= 4.3.0)
    gdk_pixbuf2 (4.3.0)
      gio2 (= 4.3.0)
    gettext (3.5.1)
      erubi
      locale (>= 2.0.5)
      prime
      racc
      text (>= 1.3.0)
    gio2 (4.3.0)
      fiddle
      gobject-introspection (= 4.3.0)
    glib2 (4.3.0)
      native-package-installer (>= 1.0.3)
      pkg-config (>= 1.3.5)
    gobject-introspection (4.3.0)
      glib2 (= 4.3.0)
    gtk3 (4.3.0)
      atk (= 4.3.0)
      gdk3 (= 4.3.0)
    hikidoc (0.1.0)
    json (2.13.0)
    kramdown (2.5.1)
      rexml (>= 3.3.9)
    kramdown-parser-gfm (1.1.0)
      kramdown (~> 2.0)
    locale (2.1.4)
    matrix (0.4.3)
    mini_portile2 (2.8.9)
    native-package-installer (1.1.9)
    nokogiri (1.15.7)
      mini_portile2 (~> 2.8.2)
      racc (~> 1.4)
    ostruct (0.6.3)
    pango (4.3.0)
      cairo-gobject (= 4.3.0)
      gobject-introspection (= 4.3.0)
    pkg-config (1.6.2)
    poppler (4.3.0)
      cairo-gobject (= 4.3.0)
      gio2 (= 4.3.0)
    prime (0.1.4)
      forwardable
      singleton
    rabbit (3.0.5)
      coderay (>= 1.0.0)
      csv
      drb
      gdk_pixbuf2 (>= 3.0.9)
      gettext (>= 3.0.1)
      gtk3
      hikidoc
      kramdown-parser-gfm
      nokogiri
      ostruct
      poppler (>= 3.2.5)
      rdtool
      rouge
      rsvg2 (>= 3.1.4)
      rttool
    racc (1.8.1)
    rdtool (0.6.38)
    red-colors (0.4.0)
      json
      matrix
    rexml (3.4.1)
    rouge (4.6.0)
    rsvg2 (4.3.0)
      cairo-gobject (= 4.3.0)
      gdk_pixbuf2 (= 4.3.0)
    rttool (1.0.3.0)
    singleton (0.3.0)
    text (1.3.1)

PLATFORMS
  ruby

DEPENDENCIES
  rabbit (>= 3.0.4)

BUNDLED WITH
   2.1.4
