GEM
  remote: https://rubygems.org/
  specs:
    atk (4.2.2)
      glib2 (= 4.2.2)
    cairo (1.17.13)
      native-package-installer (>= 1.0.3)
      pkg-config (>= 1.2.2)
      red-colors
    cairo-gobject (4.2.2)
      cairo (>= 1.16.2)
      glib2 (= 4.2.2)
    coderay (1.1.3)
    erubi (1.12.0)
    fiddle (1.1.2)
    forwardable (1.3.3)
    gdk3 (4.2.2)
      cairo-gobject (= 4.2.2)
      gdk_pixbuf2 (= 4.2.2)
      pango (= 4.2.2)
    gdk_pixbuf2 (4.2.2)
      gio2 (= 4.2.2)
    gettext (3.4.9)
      erubi
      locale (>= 2.0.5)
      prime
      racc
      text (>= 1.3.0)
    gio2 (4.2.2)
      fiddle
      gobject-introspection (= 4.2.2)
    glib2 (4.2.2)
      native-package-installer (>= 1.0.3)
      pkg-config (>= 1.3.5)
    gobject-introspection (4.2.2)
      glib2 (= 4.2.2)
    gtk3 (4.2.2)
      atk (= 4.2.2)
      gdk3 (= 4.2.2)
    hikidoc (0.1.0)
    json (2.7.2)
    kramdown (2.4.0)
      rexml
    kramdown-parser-gfm (1.1.0)
      kramdown (~> 2.0)
    locale (2.1.4)
    matrix (0.4.2)
    mini_portile2 (2.8.6)
    native-package-installer (1.1.9)
    nokogiri (1.15.6)
      mini_portile2 (~> 2.8.2)
      racc (~> 1.4)
    pango (4.2.2)
      cairo-gobject (= 4.2.2)
      gobject-introspection (= 4.2.2)
    pkg-config (1.5.6)
    poppler (4.2.2)
      cairo-gobject (= 4.2.2)
      gio2 (= 4.2.2)
    prime (0.1.2)
      forwardable
      singleton
    rabbit (3.0.3)
      coderay (>= 1.0.0)
      gdk_pixbuf2 (>= 3.0.9)
      gettext (>= 3.0.1)
      gtk3
      hikidoc
      kramdown-parser-gfm
      nokogiri
      poppler (>= 3.2.5)
      rdtool
      rouge
      rsvg2 (>= 3.1.4)
      rttool
    racc (1.7.3)
    rdtool (0.6.38)
    red-colors (0.4.0)
      json
      matrix
    rexml (3.2.8)
      strscan (>= 3.0.9)
    rouge (4.2.1)
    rsvg2 (4.2.2)
      cairo-gobject (= 4.2.2)
      gdk_pixbuf2 (= 4.2.2)
    rttool (1.0.3.0)
    singleton (0.2.0)
    strscan (3.1.0)
    text (1.3.1)

PLATFORMS
  ruby

DEPENDENCIES
  rabbit (>= 3.0.2)

BUNDLED WITH
   2.1.4
